PATH
  remote: .
  specs:
    intervention (0.0.1)
      hashie

GEM
  remote: http://rubygems.org/
  specs:
    coderay (1.0.9)
    hashie (2.0.5)
    method_source (0.8.2)
    pry (0.9.12.2)
      coderay (~> 1.0.5)
      method_source (~> 0.8)
      slop (~> 3.4)
    slop (3.4.6)

PLATFORMS
  ruby

DEPENDENCIES
  hashie
  intervention!
  pry
